

GROUP Build
NUGET
  remote: http://www.nuget.org/api/v2
    FAKE (4.61.3)
    NuGet.CommandLine (4.1)
