

GROUP Build
NUGET
  remote: http://www.nuget.org/api/v2
    FAKE (4.64.4)
    NuGet.CommandLine (4.4.1)
    NUnit.ConsoleRunner (3.7)
